GEM
  remote: https://rubygems.org/
  specs:
    actionmailer (4.0.13)
      actionpack (= 4.0.13)
      mail (~> 2.5, >= 2.5.4)
    actionpack (4.0.13)
      activesupport (= 4.0.13)
      builder (~> 3.1.0)
      erubis (~> 2.7.0)
      rack (~> 1.5.2)
      rack-test (~> 0.6.2)
    actionpack-action_caching (1.1.1)
      actionpack (>= 4.0.0, < 5.0)
    actionpack-page_caching (1.0.2)
      actionpack (>= 4.0.0, < 5)
    activemodel (4.0.13)
      activesupport (= 4.0.13)
      builder (~> 3.1.0)
    activerecord (4.0.13)
      activemodel (= 4.0.13)
      activerecord-deprecated_finders (~> 1.0.2)
      activesupport (= 4.0.13)
      arel (~> 4.0.0)
    activerecord-deprecated_finders (1.0.4)
    activesupport (4.0.13)
      i18n (~> 0.6, >= 0.6.9)
      minitest (~> 4.2)
      multi_json (~> 1.3)
      thread_safe (~> 0.1)
      tzinfo (~> 0.3.37)
    acts-as-taggable-on (3.1.0)
      actionpack (>= 3, < 5)
      activerecord (>= 3, < 5)
      activesupport (>= 3, < 5)
    acts_as_commentable (4.0.1)
    addressable (2.3.6)
    anjlab-bootstrap-rails (2.3.1.2)
      railties (>= 3.0)
      sass (>= 3.2)
    arel (4.0.2)
    awesome_print (1.1.0)
    battlenet_info (0.2.1)
      nokogiri (~> 1.5.6)
    bcrypt (3.1.7)
    bitmask_attributes (1.0.0)
      activerecord (>= 3.1)
    bootstrap-glyphicons (0.0.1)
      railties (>= 3.0)
      sass (>= 3.2)
    brakeman (1.9.5)
      erubis (~> 2.6)
      fastercsv (~> 1.5)
      haml (>= 3.0, < 5.0)
      highline (~> 1.6)
      multi_json (~> 1.2)
      ruby2ruby (= 2.0.3)
      ruby_parser (~> 3.1.1)
      sass (~> 3.0)
      slim (~> 1.3.6)
      terminal-table (~> 1.4)
    builder (3.1.4)
    bullet (4.6.0)
      uniform_notifier
    cancancan (1.7.1)
    capistrano (2.15.4)
      highline
      net-scp (>= 1.0.0)
      net-sftp (>= 2.0.0)
      net-ssh (>= 2.0.14)
      net-ssh-gateway (>= 1.1.0)
    capistrano-ext (1.2.1)
      capistrano (>= 1.0.0)
    capistrano-platform-resources (0.1.3)
      capistrano (< 3)
    capistrano-puma (0.0.1)
    capistrano-rbenv (1.0.5)
      capistrano (< 3)
      capistrano-platform-resources (>= 0.1.3)
    capistrano-recipes (0.8.0)
      capistrano (>= 2.5.9)
      capistrano-ext (>= 1.2.1)
    capistrano_colors (0.5.5)
    capybara (2.2.1)
      mime-types (>= 1.16)
      nokogiri (>= 1.3.3)
      rack (>= 1.0.0)
      rack-test (>= 0.5.4)
      xpath (~> 2.0)
    carrierwave (0.8.0)
      activemodel (>= 3.2.0)
      activesupport (>= 3.2.0)
    chronic (0.10.2)
    chunky_png (1.3.0)
    ckeditor (4.0.11)
      mime-types
      orm_adapter (~> 0.5.0)
    code_analyzer (0.3.1)
      sexp_processor
    coffee-rails (4.0.1)
      coffee-script (>= 2.2.0)
      railties (>= 4.0.0, < 5.0)
    coffee-script (2.2.0)
      coffee-script-source
      execjs
    coffee-script-source (1.7.0)
    colored (1.2)
    colorize (0.5.8)
    compass (0.12.4)
      chunky_png (~> 1.2)
      fssm (>= 0.2.7)
      sass (~> 3.2.17)
    compass-rails (1.1.6)
      compass (>= 0.12.2)
    coveralls (0.6.7)
      colorize
      multi_json (~> 1.3)
      rest-client
      simplecov (>= 0.7)
      thor
    daemons (1.1.9)
    database_cleaner (1.2.0)
    devise (3.2.4)
      bcrypt (~> 3.0)
      orm_adapter (~> 0.1)
      railties (>= 3.2.6, < 5)
      thread_safe (~> 0.1)
      warden (~> 1.2.3)
    diff-lcs (1.2.5)
    draper (1.2.0)
      actionpack (>= 3.0)
      activesupport (>= 3.0)
      request_store (~> 1.0.3)
    email_spec (1.5.0)
      launchy (~> 2.1)
      mail (~> 2.2)
    erubis (2.7.0)
    eventmachine (1.0.3)
    exception_notification (4.0.1)
      actionmailer (>= 3.0.4)
      activesupport (>= 3.0.4)
    execjs (2.0.2)
    factory_girl (4.4.0)
      activesupport (>= 3.0.0)
    factory_girl_rails (4.4.1)
      factory_girl (~> 4.4.0)
      railties (>= 3.0.0)
    faraday (0.8.7)
      multipart-post (~> 1.1)
    fastercsv (1.5.5)
    ffaker (1.24.0)
    font-awesome-rails (4.0.3.1)
      railties (>= 3.2, < 5.0)
    friendly_id (5.0.3)
      activerecord (>= 4.0.0)
    fssm (0.2.10)
    haml (4.0.5)
      tilt
    has_scope (0.5.1)
    highline (1.6.18)
    hike (1.2.3)
    i18n (0.7.0)
    jquery-rails (2.1.4)
      railties (>= 3.0, < 5.0)
      thor (>= 0.14, < 2.0)
    json (1.8.1)
    kaminari (0.14.1)
      actionpack (>= 3.0.0)
      activesupport (>= 3.0.0)
    launchy (2.4.2)
      addressable (~> 2.3)
    letter_opener (1.2.0)
      launchy (~> 2.2)
    libv8 (3.16.14.7)
    mail (2.6.3)
      mime-types (>= 1.16, < 3)
    meta-tags (1.5.0)
      actionpack
    method_source (0.8.2)
    mime-types (2.6.1)
    mini_magick (3.5.0)
      subexec (~> 0.2.1)
    minitest (4.7.5)
    multi_json (1.11.1)
    multipart-post (1.2.0)
    net-scp (1.1.0)
      net-ssh (>= 2.6.5)
    net-sftp (2.1.2)
      net-ssh (>= 2.6.5)
    net-ssh (2.6.7)
    net-ssh-gateway (1.2.0)
      net-ssh (>= 2.6.5)
    newrelic_rpm (3.6.2.96)
    nokogiri (1.5.11)
    non-stupid-digest-assets (1.0.4)
    orm_adapter (0.5.0)
    pg (0.15.1)
    polyamorous (0.6.4)
      activerecord (>= 3.0)
    protected_attributes (1.0.7)
      activemodel (>= 4.0.1, < 5.0)
    puma (2.7.1)
      rack (>= 1.1, < 2.0)
    rack (1.5.4)
    rack-test (0.6.3)
      rack (>= 1.0)
    rails (4.0.13)
      actionmailer (= 4.0.13)
      actionpack (= 4.0.13)
      activerecord (= 4.0.13)
      activesupport (= 4.0.13)
      bundler (>= 1.3.0, < 2.0)
      railties (= 4.0.13)
      sprockets-rails (~> 2.0)
    rails-observers (0.1.2)
      activemodel (~> 4.0)
    rails_best_practices (1.13.5)
      activesupport
      awesome_print
      code_analyzer
      colored
      erubis
      i18n
      ruby-progressbar
    railties (4.0.13)
      actionpack (= 4.0.13)
      activesupport (= 4.0.13)
      rake (>= 0.8.7)
      thor (>= 0.18.1, < 2.0)
    rainbow (1.1.4)
    rake (10.4.2)
    ref (1.0.5)
    request_store (1.0.5)
    rest-client (1.6.7)
      mime-types (>= 1.16)
    rspec-core (2.14.8)
    rspec-expectations (2.14.5)
      diff-lcs (>= 1.1.3, < 2.0)
    rspec-mocks (2.14.6)
    rspec-rails (2.14.2)
      actionpack (>= 3.0)
      activemodel (>= 3.0)
      activesupport (>= 3.0)
      railties (>= 3.0)
      rspec-core (~> 2.14.0)
      rspec-expectations (~> 2.14.0)
      rspec-mocks (~> 2.14.0)
    rubocop (0.7.2)
      rainbow (>= 1.1.4)
    ruby-progressbar (1.0.2)
    ruby2ruby (2.0.3)
      ruby_parser (~> 3.1)
      sexp_processor (~> 4.0)
    ruby_parser (3.1.3)
      sexp_processor (~> 4.1)
    russian (0.6.0)
      i18n (>= 0.5.0)
    sanitize (2.0.3)
      nokogiri (>= 1.4.4, < 1.6)
    sass (3.2.19)
    sass-rails (4.0.3)
      railties (>= 4.0.0, < 5.0)
      sass (~> 3.2.0)
      sprockets (~> 2.8, <= 2.11.0)
      sprockets-rails (~> 2.0)
    sexp_processor (4.2.1)
    shoulda (3.5.0)
      shoulda-context (~> 1.0, >= 1.0.1)
      shoulda-matchers (>= 1.4.1, < 3.0)
    shoulda-context (1.2.1)
    shoulda-matchers (2.5.0)
      activesupport (>= 3.0.0)
    simple_form (3.0.1)
      actionpack (>= 4.0.0, < 4.1)
      activemodel (>= 4.0.0, < 4.1)
    simple_oauth (0.2.0)
    simplecov (0.7.1)
      multi_json (~> 1.0)
      simplecov-html (~> 0.7.1)
    simplecov-html (0.7.1)
    sitemap_generator (3.4)
      builder
    slim (1.3.8)
      temple (~> 0.6.3)
      tilt (~> 1.3.3)
    sprockets (2.11.0)
      hike (~> 1.2)
      multi_json (~> 1.0)
      rack (~> 1.0)
      tilt (~> 1.1, != 1.3.0)
    sprockets-rails (2.3.1)
      actionpack (>= 3.0)
      activesupport (>= 3.0)
      sprockets (>= 2.8, < 4.0)
    squeel (1.1.1)
      activerecord (>= 3.0)
      activesupport (>= 3.0)
      polyamorous (~> 0.6.0)
    state_machine (1.2.0)
    subexec (0.2.2)
    temple (0.6.4)
    terminal-table (1.4.5)
    therubyracer (0.12.2)
      libv8 (~> 3.16.14.0)
      ref
    thin (1.5.1)
      daemons (>= 1.0.9)
      eventmachine (>= 0.12.6)
      rack (>= 1.0.0)
    thor (0.19.1)
    thread_safe (0.3.5)
    tilt (1.3.7)
    twitter (4.6.2)
      faraday (~> 0.8, < 0.10)
      multi_json (~> 1.0)
      simple_oauth (~> 0.2)
    twitter_cldr (2.4.0)
      json
      tzinfo
    tzinfo (0.3.44)
    uglifier (2.5.0)
      execjs (>= 0.3.0)
      json (>= 1.8.0)
    uniform_notifier (1.2.0)
    warden (1.2.3)
      rack (>= 1.0)
    whenever (0.9.2)
      activesupport (>= 2.3.4)
      chronic (>= 0.6.3)
    xpath (2.0.0)
      nokogiri (~> 1.3)
    zeus (0.13.3)
      method_source (>= 0.6.7)

PLATFORMS
  ruby

DEPENDENCIES
  actionpack-action_caching
  actionpack-page_caching
  activerecord-deprecated_finders
  acts-as-taggable-on (~> 3.1.0)
  acts_as_commentable (~> 4.0.1)
  anjlab-bootstrap-rails (= 2.3.1.2)
  battlenet_info (= 0.2.1)
  bitmask_attributes (~> 1.0.0)
  bootstrap-glyphicons
  brakeman
  bullet
  cancancan (~> 1.7.1)
  capistrano (~> 2.15.4)
  capistrano-puma
  capistrano-rbenv
  capistrano-recipes
  capistrano_colors
  capybara (~> 2.2.1)
  carrierwave (~> 0.8.0)
  ckeditor (~> 4.0.11)
  coffee-rails (~> 4.0.1)
  compass-rails
  coveralls
  database_cleaner (~> 1.2.0)
  devise (~> 3.2.4)
  draper (~> 1.0)
  email_spec (~> 1.5.0)
  exception_notification
  factory_girl_rails (~> 4.4.1)
  ffaker (~> 1.24.0)
  font-awesome-rails (~> 4.0.3.1)
  friendly_id (~> 5.0.3)
  haml
  has_scope (~> 0.5.1)
  jquery-rails
  kaminari (~> 0.14.1)
  launchy (~> 2.4.2)
  letter_opener
  meta-tags (~> 1.5.0)
  mini_magick (~> 3.5.0)
  newrelic_rpm
  non-stupid-digest-assets (~> 1.0.4)
  pg
  protected_attributes
  puma
  rails (~> 4.0.13)
  rails-observers
  rails_best_practices
  rspec-rails (~> 2.14.2)
  rubocop
  russian (~> 0.6.0)
  sanitize (~> 2.0.3)
  sass-rails (~> 4.0.3)
  shoulda (~> 3.5.0)
  simple_form (~> 3.0.1)
  sitemap_generator (~> 3.4)
  squeel (~> 1.1.1)
  state_machine
  therubyracer
  thin
  twitter
  twitter_cldr (~> 2.4.0)
  uglifier
  whenever (~> 0.9.2)
  zeus
